GEM
  remote: http://rubygems.org/
  specs:
    actionpack (2.3.8)
      activesupport (= 2.3.8)
      rack (~> 1.1.0)
    activerecord (2.3.8)
      activesupport (= 2.3.8)
    activesupport (2.3.8)
    diff-lcs (1.1.2)
    mocha (0.9.8)
      rake
    nokogiri (1.4.3.1)
    rack (1.1.0)
    rake (0.8.7)
    rspec (2.0.0.beta.19)
      rspec-core (= 2.0.0.beta.19)
      rspec-expectations (= 2.0.0.beta.19)
      rspec-mocks (= 2.0.0.beta.19)
    rspec-core (2.0.0.beta.19)
    rspec-expectations (2.0.0.beta.19)
      diff-lcs (>= 1.1.2)
    rspec-mocks (2.0.0.beta.19)
    rspec-rails (1.3.2)
      rack (>= 1.0.0)
      rspec (>= 1.3.0)
    rspec_tag_matchers (1.0.0)
      nokogiri (>= 1.4.0)
      rspec-rails (>= 1.2.6)

PLATFORMS
  ruby

DEPENDENCIES
  actionpack (>= 2.3.5)
  activerecord (>= 2.3.5)
  mocha (= 0.9.8)
  rspec (= 2.0.0.beta.19)
  rspec_tag_matchers (= 1.0.0)
